GEM
  remote: https://rubygems.org/
  specs:
    google-protobuf (3.21.0-x86_64-linux)
    googleapis-common-protos-types (1.3.1)
      google-protobuf (~> 3.14)
    grpc (1.46.3-x86_64-linux)
      google-protobuf (~> 3.19)
      googleapis-common-protos-types (~> 1.0)
    grpc-tools (1.46.3)

PLATFORMS
  x86_64-linux

DEPENDENCIES
  grpc
  grpc-tools

BUNDLED WITH
   2.3.6
